PATH
  remote: .
  specs:
    fortitude-sass (0.5.4)
      autoprefixer-rails
      sass (~> 3.3)
      therubyracer
      thor

GEM
  remote: http://rubygems.org/
  specs:
    autoprefixer-rails (5.1.7)
      execjs
      json
    execjs (2.3.0)
    json (1.8.2)
    libv8 (3.16.14.7)
    rake (10.4.2)
    ref (1.0.5)
    sass (3.4.13)
    therubyracer (0.12.1)
      libv8 (~> 3.16.14.0)
      ref
    thor (0.19.1)

PLATFORMS
  ruby

DEPENDENCIES
  fortitude-sass!
  rake
