PATH
  remote: .
  specs:
    fortitude-sass (0.7.3)
      autoprefixer-rails
      execjs
      sass (~> 3.3)
      thor

GEM
  remote: http://rubygems.org/
  specs:
    autoprefixer-rails (5.2.1.1)
      execjs
      json
    execjs (2.5.2)
    json (1.8.3)
    rake (10.4.2)
    sass (3.4.16)
    thor (0.19.1)

PLATFORMS
  ruby

DEPENDENCIES
  fortitude-sass!
  rake
